GEM
  remote: https://rubygems.org/
  specs:
    backports (3.6.8)
    haml (4.0.7)
      tilt
    multi_json (1.11.2)
    power_assert (0.2.7)
    rack (1.6.4)
    rack-protection (1.5.3)
      rack
    rack-test (0.6.3)
      rack (>= 1.0)
    sinatra (1.4.7)
      rack (~> 1.5)
      rack-protection (~> 1.4)
      tilt (>= 1.3, < 3)
    sinatra-contrib (1.4.6)
      backports (>= 2.0)
      multi_json
      rack-protection
      rack-test
      sinatra (~> 1.4.0)
      tilt (>= 1.3, < 3)
    test-unit (3.1.0)
      power_assert
    tilt (2.0.2)

PLATFORMS
  ruby

DEPENDENCIES
  haml
  sinatra
  sinatra-contrib
  test-unit (= 3.1)
